{
    "TaskName": "CTP",
    "Manufacturer": "BrainProducts",
    "PowerLineFrequency": 50,
    "SamplingFrequency": 1024.0,
    "SoftwareFilters": "n/a",
    "RecordingDuration": 2849.9990234375,
    "RecordingType": "continuous",
    "EEGReference": "CMS/DRL",
    "EEGGround": "n/a",
    "EEGPlacementScheme": "10-20 International System",
    "EEGChannelCount": 64,
    "EOGChannelCount": 0,
    "ECGChannelCount": 0,
    "EMGChannelCount": 0,
    "MiscChannelCount": 0,
    "TriggerChannelCount": 1,
    "InstitutionName": "School of Psychology and Counselling, Queensland University of Technology",
    "InstitutionAddress": "149 Victoria Park Rd, Kelvin Grove QLD 4059, Australia"
}
